NUGET
  remote: https://www.nuget.org/api/v2
    FAKE (4.19)
    FSharp.Azure.StorageTypeProvider (1.4.1)
      WindowsAzure.Storage (>= 6.0)
    FSharp.Compiler.Service (2.0.0.4)
    FSharp.Compiler.Tools (4.1.23)
    FSharp.Core (4.0.0.1)
    FSharp.Data (2.2.5)
      Zlib.Portable (>= 1.10) - restriction: && (< net40) (>= portable-net40+win8+wp8+sl5)
    Microsoft.Azure.KeyVault.Core (1.0) - restriction: || (>= net40) (>= wp8)
    Microsoft.Data.Edm (5.7) - restriction: || (>= net40) (>= win8) (>= wp8) (>= wpa81)
    Microsoft.Data.OData (5.7) - restriction: || (>= net40) (>= win8) (>= wp8) (>= wpa81)
      Microsoft.Data.Edm (5.7)
      System.Spatial (5.7)
    Microsoft.Data.Services.Client (5.7) - restriction: >= net40
      Microsoft.Data.OData (5.7)
    Newtonsoft.Json (8.0.2) - restriction: || (>= net40) (>= win8) (>= wp8) (>= wpa81)
    Suave (1.1.1)
      FSharp.Core (>= 3.1.2.5)
    System.Spatial (5.7) - restriction: || (>= net40) (>= win8) (>= wp8) (>= wpa81)
    WindowsAzure.Storage (6.2)
      Microsoft.Azure.KeyVault.Core (>= 1.0) - restriction: || (>= net40) (>= wp8)
      Microsoft.Data.OData (>= 5.6.4) - restriction: || (>= net40) (>= win8) (>= wp8) (>= wpa81)
      Microsoft.Data.Services.Client (>= 5.6.4) - restriction: >= net40
      Newtonsoft.Json (>= 6.0.8) - restriction: || (>= net40) (>= win8) (>= wp8) (>= wpa81)
    Zlib.Portable (1.11) - restriction: && (< net40) (>= portable-net40+win8+wp8+sl5)
